GEM
  remote: https://rubygems.org/
  specs:
    ansi (1.4.2)
    chronic_duration (0.9.6)
      numerizer (~> 0.1.1)
    minitest (2.12.1)
    minitest-reporters (0.6.0)
      ansi
      minitest (~> 2.0)
      ruby-progressbar
    numerizer (0.1.1)
    ruby-progressbar (0.0.10)
    slop (3.0.4)
    win32console (1.3.1)

PLATFORMS
  x86-mingw32

DEPENDENCIES
  chronic_duration
  minitest
  minitest-reporters (>= 0.5.0)
  slop
  win32console
